GEM
  remote: http://rubygems.org/
  specs:
    hoe (2.12.3)
      rake (~> 0.8)
    rake (0.9.2)
    rake-compiler (0.7.9)
      rake
    rdoc (3.9.4)

PLATFORMS
  ruby

DEPENDENCIES
  hoe
  rake-compiler
  rdoc
